PATH
  remote: .
  specs:
    game_of_life (0.1.0)

PATH
  remote: vendor/gems/fidgit
  specs:
    fidgit (0.2.7)
      chingu (~> 0.8.1)
      clipboard (~> 1.3.6)
      gosu (~> 1.4.6)

GEM
  remote: https://rubygems.org/
  specs:
    chingu (0.8.1)
      crack
      gosu (>= 0.7.25)
      rest-client
    clipboard (1.3.6)
    crack (0.4.5)
      rexml
    diff-lcs (1.5.0)
    domain_name (0.5.20190701)
      unf (>= 0.0.5, < 1.0.0)
    gosu (1.4.6)
    http-accept (1.7.0)
    http-cookie (1.0.5)
      domain_name (~> 0.5)
    mime-types (3.4.1)
      mime-types-data (~> 3.2015)
    mime-types-data (3.2023.0218.1)
    netrc (0.11.0)
    rake (13.0.6)
    rest-client (2.1.0)
      http-accept (>= 1.7.0, < 2.0)
      http-cookie (>= 1.0.2, < 2.0)
      mime-types (>= 1.16, < 4.0)
      netrc (~> 0.8)
    rexml (3.2.5)
    rspec (3.12.0)
      rspec-core (~> 3.12.0)
      rspec-expectations (~> 3.12.0)
      rspec-mocks (~> 3.12.0)
    rspec-core (3.12.2)
      rspec-support (~> 3.12.0)
    rspec-expectations (3.12.3)
      diff-lcs (>= 1.2.0, < 2.0)
      rspec-support (~> 3.12.0)
    rspec-mocks (3.12.5)
      diff-lcs (>= 1.2.0, < 2.0)
      rspec-support (~> 3.12.0)
    rspec-support (3.12.1)
    unf (0.1.4)
      unf_ext
    unf_ext (0.0.8.2)
    yard (0.9.34)

PLATFORMS
  x86_64-darwin-22

DEPENDENCIES
  bundler (~> 2.4)
  fidgit!
  game_of_life!
  rake (~> 13.0.6)
  rspec (~> 3.12)
  yard (~> 0.9.34)

BUNDLED WITH
   2.4.10
